PATH
  remote: .
  specs:
    fluent-plugin-grpc-2 (0.1.0)
      fluentd (>= 0.14.10, < 2)
      grpc (~> 1.28)

GEM
  remote: https://rubygems.org/
  specs:
    certstore_c (0.1.7)
    concurrent-ruby (1.1.9)
    cool.io (1.7.1)
    cool.io (1.7.1-x64-mingw32)
    ffi (1.15.4-x64-mingw32)
    ffi-win32-extensions (1.0.4)
      ffi
    fluentd (1.14.4)
      bundler
      cool.io (>= 1.4.5, < 2.0.0)
      http_parser.rb (>= 0.5.1, < 0.9.0)
      msgpack (>= 1.3.1, < 2.0.0)
      serverengine (>= 2.2.2, < 3.0.0)
      sigdump (~> 0.2.2)
      strptime (>= 0.2.4, < 1.0.0)
      tzinfo (>= 1.0, < 3.0)
      tzinfo-data (~> 1.0)
      webrick (>= 1.4.2, < 1.8.0)
      yajl-ruby (~> 1.0)
    fluentd (1.14.4-x64-mingw32)
      bundler
      certstore_c (~> 0.1.7)
      cool.io (>= 1.4.5, < 2.0.0)
      http_parser.rb (>= 0.5.1, < 0.9.0)
      msgpack (>= 1.3.1, < 2.0.0)
      serverengine (>= 2.2.2, < 3.0.0)
      sigdump (~> 0.2.2)
      strptime (>= 0.2.4, < 1.0.0)
      tzinfo (>= 1.0, < 3.0)
      tzinfo-data (~> 1.0)
      webrick (>= 1.4.2, < 1.8.0)
      win32-api (>= 1.10, < 2.0.0)
      win32-event (~> 0.6.3)
      win32-ipc (~> 0.7.0)
      win32-service (~> 2.3.0)
      windows-pr (~> 1.2.6)
      yajl-ruby (~> 1.0)
    google-protobuf (3.19.2)
    google-protobuf (3.19.2-x64-mingw32)
    googleapis-common-protos-types (1.0.5)
      google-protobuf (~> 3.11)
    grpc (1.28.0)
      google-protobuf (~> 3.11)
      googleapis-common-protos-types (~> 1.0)
    grpc (1.28.0-x64-mingw32)
      google-protobuf (~> 3.11)
      googleapis-common-protos-types (~> 1.0)
    http_parser.rb (0.8.0)
    msgpack (1.4.2)
    power_assert (1.1.3)
    rake (12.3.3)
    serverengine (2.2.4)
      sigdump (~> 0.2.2)
    serverengine (2.2.4-x64-mingw32)
      sigdump (~> 0.2.2)
      windows-pr (~> 1.2.5)
    sigdump (0.2.4)
    strptime (0.2.5)
    test-unit (3.2.9)
      power_assert
    tzinfo (2.0.4)
      concurrent-ruby (~> 1.0)
    tzinfo-data (1.2021.5)
      tzinfo (>= 1.0.0)
    webrick (1.7.0)
    win32-api (1.10.1-universal-mingw32)
    win32-event (0.6.3)
      win32-ipc (>= 0.6.0)
    win32-ipc (0.7.0)
      ffi
    win32-service (2.3.2)
      ffi
      ffi-win32-extensions
    windows-api (0.4.4)
      win32-api (>= 1.4.5)
    windows-pr (1.2.6)
      win32-api (>= 1.4.5)
      windows-api (>= 0.4.0)
    yajl-ruby (1.4.1)

PLATFORMS
  ruby
  x64-mingw32

DEPENDENCIES
  bundler (~> 1.14)
  fluent-plugin-grpc-2!
  rake (~> 12.0)
  test-unit (~> 3.0)

BUNDLED WITH
   1.17.2
